PATH
  remote: .
  specs:
    context-io (0.0.0)
      faraday (~> 0.7.5)
      multi_json (~> 1.0.0)
      simple_oauth (~> 0.1.5)
      webmock (~> 1.7.10)

GEM
  remote: http://rubygems.org/
  specs:
    addressable (2.2.6)
    crack (0.3.1)
    diff-lcs (1.1.3)
    faraday (0.7.5)
      addressable (~> 2.2.6)
      multipart-post (~> 1.1.3)
      rack (>= 1.1.0, < 2)
    json (1.6.4)
    multi_json (1.0.4)
    multipart-post (1.1.4)
    rack (1.4.0)
    rake (0.9.2.2)
    rdoc (3.12)
      json (~> 1.4)
    rspec (2.8.0)
      rspec-core (~> 2.8.0)
      rspec-expectations (~> 2.8.0)
      rspec-mocks (~> 2.8.0)
    rspec-core (2.8.0)
    rspec-expectations (2.8.0)
      diff-lcs (~> 1.1.2)
    rspec-mocks (2.8.0)
    simple_oauth (0.1.5)
    webmock (1.7.10)
      addressable (~> 2.2, > 2.2.5)
      crack (>= 0.1.7)

PLATFORMS
  ruby

DEPENDENCIES
  context-io!
  jruby-openssl
  rake (~> 0.9.0)
  rdoc (~> 3.10)
  rspec (~> 2.8.0)
